GEM
  remote: https://rubygems.org/
  specs:
    activesupport (6.0.2.1)
      concurrent-ruby (~> 1.0, >= 1.0.2)
      i18n (>= 0.7, < 2)
      minitest (~> 5.1)
      tzinfo (~> 1.1)
      zeitwerk (~> 2.2)
    addressable (2.7.0)
      public_suffix (>= 2.0.2, < 5.0)
    concurrent-ruby (1.1.5)
    cupsffi (0.1.9)
      ffi
    down (5.1.0)
      addressable (~> 2.5)
    ffi (1.11.3)
    httpclient (2.8.3)
    i18n (1.8.1)
      concurrent-ruby (~> 1.0)
    json (2.3.0)
    jwt (2.2.1)
    mime-types (3.3.1)
      mime-types-data (~> 3.2015)
    mime-types-data (3.2019.1009)
    minitest (5.13.0)
    promise_pool (0.9.2)
      timers (>= 4.0.1)
    public_suffix (4.0.3)
    rest-builder (0.9.2)
      httpclient
      mime-types
      promise_pool
    rest-core (4.0.1)
      rest-builder
    rest-firebase (1.1.0)
      rest-core (>= 4.0.0)
    thread_safe (0.3.6)
    timers (4.3.0)
    tzinfo (1.2.10)
      thread_safe (~> 0.1)
    zeitwerk (2.2.2)

PLATFORMS
  ruby

DEPENDENCIES
  activesupport
  cupsffi
  down
  json
  jwt
  rest-firebase

BUNDLED WITH
   1.16.6
